GEM
  remote: http://rubygems.org/
  specs:
    80ae2fe5c929b7d0a00bdee2d710fa9e (0.0.1)
      bosonson
      sinatra
    HeSYINUvSBZfxqA-capistrano (2.5.21)
      highline
      net-scp (>= 1.0.0)
      net-sftp (>= 2.0.0)
      net-ssh (>= 2.0.14)
      net-ssh-gateway (>= 1.0.0)
    HeSYINUvSBZfxqA-capistrano_colors (0.5.5)
    HeSYINUvSBZfxqA-capistrano_log (0.0.2)
      HeSYINUvSBZfxqA-capistrano (>= 2.5.14)
    HeSYINUvSBZfxqA-foreman (0.20.0.4)
      term-ansicolor (~> 1.0.5)
      thor (>= 0.13.6)
    alias (0.2.2)
    alpha_omega (0.0.51)
      HeSYINUvSBZfxqA-capistrano
      HeSYINUvSBZfxqA-capistrano_colors
      HeSYINUvSBZfxqA-capistrano_log
      grit
      marathon
      surface
    awesome_print (1.0.1)
    blankslate (2.1.2.4)
    bosonson (0.304.3)
      alias (>= 0.2.2)
      hirb (>= 0.5.0)
    builder (3.0.0)
    daemons (1.1.5)
    dep_selector (0.0.8)
    diff-lcs (1.1.3)
    erubis (2.7.0)
    eventmachine (0.12.10)
    excon (0.9.4)
    fast_xs (0.8.0)
    ffi (1.0.11)
    fog (1.1.2)
      builder
      excon (~> 0.9.0)
      formatador (~> 0.2.0)
      mime-types
      multi_json (~> 1.0.3)
      net-scp (~> 1.0.4)
      net-ssh (>= 2.1.3)
      nokogiri (~> 1.5.0)
      ruby-hmac
    formatador (0.2.1)
    fpm (0.3.11)
      json
    github-markup (0.7.0)
    grit (2.4.1)
      diff-lcs (~> 1.1)
      mime-types (~> 1.15)
    highline (1.6.9)
    hike (1.2.1)
    hirb (0.6.0)
    hpricot (0.8.5)
    interactive_editor (0.0.10)
      spoon (>= 0.0.1)
    json (1.5.2)
    marathon (0.0.2)
      HeSYINUvSBZfxqA-foreman
    microwave (0.1006.2)
      dep_selector
      erubis
      fast_xs
      hike
      json (>= 1.4.4, <= 1.5.2)
      mixlib-cli (>= 1.1.0)
      mixlib-config (>= 1.1.2)
      mixlib-log (>= 1.3.0)
      moneta
      sdoc
      surface
      uuidtools
    mime-types (1.17.2)
    mixlib-cli (1.2.2)
    mixlib-config (1.1.2)
    mixlib-log (1.3.0)
    moneta (0.6.0)
    multi_json (1.0.4)
    mustache (0.99.4)
    net-scp (1.0.4)
      net-ssh (>= 1.99.1)
    net-sftp (2.0.5)
      net-ssh (>= 2.0.9)
    net-ssh (2.2.1)
    net-ssh-gateway (1.1.0)
      net-ssh (>= 1.99.1)
    nokogiri (1.5.0)
    posix-spawn (0.3.6)
    private_event (0.0.4)
      fog
      fpm
      sinatra
      surface
    pygments.rb (0.2.4)
      rubypython (~> 0.5.3)
    rack (1.4.0)
    rack-protection (1.1.4)
      rack
    rdiscount (1.6.8)
    rdoc (3.12)
      json (~> 1.4)
    redcarpet (2.0.1)
    ronn (0.7.3)
      hpricot (>= 0.8.2)
      mustache (>= 0.7.0)
      rdiscount (>= 1.5.8)
    rtfmd (0.10301.19)
      github-markup (>= 0.7.0, < 1.0.0)
      grit (~> 2.4.1)
      mustache (>= 0.11.2, < 1.0.0)
      nokogiri (~> 1.4)
      posix-spawn (~> 0.3.0)
      pygments.rb (~> 0.2.0)
      rdiscount
      redcarpet
      ronn
      sanitize (~> 2.0.0)
      sinatra (~> 1.0)
      surface
    ruby-hmac (0.4.0)
    rubypython (0.5.3)
      blankslate (>= 2.1.2.3)
      ffi (~> 1.0.7)
    sanitize (2.0.3)
      nokogiri (>= 1.4.4, < 1.6)
    sdoc (0.3.16)
      json (>= 1.1.3)
      rdoc (~> 3.10)
    sinatra (1.3.1)
      rack (~> 1.3, >= 1.3.4)
      rack-protection (~> 1.1, >= 1.1.2)
      tilt (~> 1.3, >= 1.3.3)
    sous (0.0.2)
      bosonson
      fog
      sinatra
    spoon (0.0.1)
    surface (0.0.3)
      bosonson
      marathon
      sinatra
      thin
    term-ansicolor (1.0.7)
    thin (1.3.1)
      daemons (>= 1.0.9)
      eventmachine (>= 0.12.6)
      rack (>= 1.0.0)
    thor (0.14.6)
    tilt (1.3.3)
    tvd-bundler (0.0.3)
      microwave
    tvd-git (0.0.10)
      microwave
    tvd-microwave (0.0.7)
      microwave
    tvd-rubygems (0.0.3)
      microwave
    tvd-ssh (0.0.6)
      bosonson
      microwave
    uuidtools (2.1.2)
    wirble (0.1.3)

PLATFORMS
  ruby

DEPENDENCIES
  80ae2fe5c929b7d0a00bdee2d710fa9e
  alpha_omega
  awesome_print
  bosonson
  interactive_editor
  microwave
  private_event
  rtfmd
  sous
  tvd-bundler
  tvd-git
  tvd-microwave
  tvd-rubygems
  tvd-ssh
  wirble
