GEM
  remote: http://rubygems.org/
  specs:
    80ae2fe5c929b7d0a00bdee2d710fa9e (0.0.7)
    awesome_print (1.0.2)
    interactive_editor (0.0.10)
      spoon (>= 0.0.1)
    spoon (0.0.1)
    tmuxinator (0.5.0)
    wirble (0.1.3)

PLATFORMS
  ruby

DEPENDENCIES
  80ae2fe5c929b7d0a00bdee2d710fa9e
  awesome_print
  interactive_editor
  tmuxinator
  wirble
