PATH
  remote: .
  specs:
    home (0.215.45)

GEM
  remote: http://rubygems.org/
  specs:
    80ae2fe5c929b7d0a00bdee2d710fa9e (0.0.7)
    alpha_omega (1.5.3)
      capistrano
      capistrano-log_with_awesome
      capistrano_colors
      deep_merge
      json
    awesome_print (1.0.2)
    capistrano (2.13.5)
      highline
      net-scp (>= 1.0.0)
      net-sftp (>= 2.0.0)
      net-ssh (>= 2.0.14)
      net-ssh-gateway (>= 1.1.0)
    capistrano-log_with_awesome (0.0.2)
      capistrano (>= 2.5.14)
    capistrano_colors (0.5.5)
    colored (1.2)
    cri (2.3.0)
      colored (>= 1.2)
    deep_merge (1.0.0)
    erubis (2.7.0)
    fusefs (0.7.0)
    ghp (0.0.8)
      ghp-bootstrap
      nanoc (~> 3.4.3)
      redcarpet
    ghp-bootstrap (0.0.4)
    highline (1.6.15)
    interactive_editor (0.0.10)
      spoon (>= 0.0.1)
    ipaddress (0.8.0)
    json (1.7.7)
    json (1.7.7-java)
    microwave (11.400.5)
      erubis
      highline (>= 1.6.9)
      json (>= 1.4.4, <= 1.7.7)
      mixlib-authentication (>= 1.3.0)
      mixlib-cli (~> 1.3.0)
      mixlib-config (>= 1.1.2)
      mixlib-log (>= 1.3.0)
      mixlib-shellout
      net-ssh (~> 2.6)
      net-ssh-multi (~> 1.1.0)
      ohai (>= 0.6.0)
      rest-client (>= 1.0.4, < 1.7.0)
      yajl-ruby (~> 1.1)
    mime-types (1.21)
    mixlib-authentication (1.3.0)
      mixlib-log
    mixlib-cli (1.3.0)
    mixlib-config (1.1.2)
    mixlib-log (1.4.1)
    mixlib-shellout (1.1.0)
    nanoc (3.4.3)
      cri (~> 2.2)
    net-scp (1.0.4)
      net-ssh (>= 1.99.1)
    net-sftp (2.0.5)
      net-ssh (>= 2.0.9)
    net-ssh (2.6.5)
    net-ssh-gateway (1.2.0)
      net-ssh (>= 2.6.5)
    net-ssh-multi (1.1)
      net-ssh (>= 2.1.4)
      net-ssh-gateway (>= 0.99.0)
    ohai (6.16.0)
      ipaddress
      mixlib-cli
      mixlib-config
      mixlib-log
      mixlib-shellout
      systemu
      yajl-ruby
    plist (3.1.0)
    redcarpet (2.2.2)
    rest-client (1.6.7)
      mime-types (>= 1.16)
    spoon (0.0.1)
    systemu (2.5.2)
    tmuxinator (0.5.0)
    wirble (0.1.3)
    yajl-ruby (1.1.0)

PLATFORMS
  java
  ruby

DEPENDENCIES
  80ae2fe5c929b7d0a00bdee2d710fa9e
  alpha_omega
  awesome_print
  fusefs
  ghp
  home!
  interactive_editor
  microwave
  plist
  tmuxinator
  wirble
