GEM
  remote: http://rubygems.org/
  specs:
    80ae2fe5c929b7d0a00bdee2d710fa9e (0.0.7)
    alpha_omega (1.5.1)
      capistrano
      capistrano-log_with_awesome
      capistrano_colors
      deep_merge
      json
    awesome_print (1.0.2)
    capistrano (2.13.5)
      highline
      net-scp (>= 1.0.0)
      net-sftp (>= 2.0.0)
      net-ssh (>= 2.0.14)
      net-ssh-gateway (>= 1.1.0)
    capistrano-log_with_awesome (0.0.2)
      capistrano (>= 2.5.14)
    capistrano_colors (0.5.5)
    deep_merge (1.0.0)
    erubis (2.7.0)
    fast_xs (0.8.0)
    highline (1.6.15)
    interactive_editor (0.0.10)
      spoon (>= 0.0.1)
    json (1.7.5)
    json (1.7.5-java)
    microwave (0.1006.33)
      erubis
      fast_xs
      json
      mixlib-cli (>= 1.1.0)
      mixlib-config (>= 1.1.2)
      mixlib-log (>= 1.3.0)
      moneta
      sdoc
      uuidtools
    mixlib-cli (1.2.2)
    mixlib-config (1.1.2)
    mixlib-log (1.4.1)
    moneta (0.6.0)
    net-scp (1.0.4)
      net-ssh (>= 1.99.1)
    net-sftp (2.0.5)
      net-ssh (>= 2.0.9)
    net-ssh (2.6.2)
    net-ssh-gateway (1.1.0)
      net-ssh (>= 1.99.1)
    plist (3.1.0)
    rdoc (3.12)
      json (~> 1.4)
    sdoc (0.3.19)
      json (>= 1.1.3)
      rdoc (~> 3.10)
    spoon (0.0.1)
    tmuxinator (0.5.0)
    uuidtools (2.1.3)
    wirble (0.1.3)

PLATFORMS
  java
  ruby

DEPENDENCIES
  80ae2fe5c929b7d0a00bdee2d710fa9e
  alpha_omega (~> 1.5.1)
  awesome_print
  interactive_editor
  microwave
  plist
  tmuxinator
  wirble
