GEM
  remote: http://rubygems.org/
  specs:
    80ae2fe5c929b7d0a00bdee2d710fa9e (0.0.1)
      bosonson
      sinatra
    HeSYINUvSBZfxqA-capistrano (2.5.28)
      highline
      net-scp (>= 1.0.0)
      net-sftp (>= 2.0.0)
      net-ssh (>= 2.0.14)
      net-ssh-gateway (>= 1.0.0)
    HeSYINUvSBZfxqA-capistrano_colors (0.5.5)
    HeSYINUvSBZfxqA-capistrano_log (0.0.2)
      HeSYINUvSBZfxqA-capistrano (>= 2.5.14)
    albino (1.3.3)
      posix-spawn (>= 0.3.6)
    alias (0.2.3)
    alpha_omega (0.0.181)
      HeSYINUvSBZfxqA-capistrano
      HeSYINUvSBZfxqA-capistrano_colors
      HeSYINUvSBZfxqA-capistrano_log
      deep_merge
      grit
      surface
    awesome_print (1.0.2)
    blankslate (2.1.2.4)
    bluecloth (2.2.0)
    bosonson (0.304.3)
      alias (>= 0.2.2)
      hirb (>= 0.5.0)
    builder (3.0.0)
    classifier (1.3.3)
      fast-stemmer (>= 1.0.0)
    daemons (1.1.5)
    deep_merge (1.0.0)
    diff-lcs (1.1.3)
    directory_watcher (1.4.1)
    erubis (2.7.0)
    eventmachine (0.12.10)
    excon (0.9.4)
    fast-stemmer (1.0.1)
    fast_xs (0.8.0)
    ffi (1.0.11)
    fog (1.1.2)
      builder
      excon (~> 0.9.0)
      formatador (~> 0.2.0)
      mime-types
      multi_json (~> 1.0.3)
      net-scp (~> 1.0.4)
      net-ssh (>= 2.1.3)
      nokogiri (~> 1.5.0)
      ruby-hmac
    formatador (0.2.1)
    fpm (0.3.11)
      json
    github-markup (0.7.1)
    gli (1.5.1)
    grit (2.4.1)
      diff-lcs (~> 1.1)
      mime-types (~> 1.15)
    highline (1.6.11)
    hike (1.2.1)
    hirb (0.6.2)
    hpricot (0.8.6)
    interactive_editor (0.0.10)
      spoon (>= 0.0.1)
    jekyll (0.11.2)
      albino (~> 1.3)
      classifier (~> 1.3)
      directory_watcher (~> 1.1)
      kramdown (~> 0.13)
      liquid (~> 2.3)
      maruku (~> 0.5)
    json (1.5.4)
    kramdown (0.13.6)
    liquid (2.3.0)
    marathon (0.0.3)
    maruku (0.6.0)
      syntax (>= 1.0.0)
    microwave (0.1006.20)
      erubis
      fast_xs
      hike
      json (>= 1.4.4, <= 1.5.4)
      mixlib-cli (>= 1.1.0)
      mixlib-config (>= 1.1.2)
      mixlib-log (>= 1.3.0)
      moneta
      sdoc
      surface
      uuidtools
    mime-types (1.18)
    mixlib-cli (1.2.2)
    mixlib-config (1.1.2)
    mixlib-log (1.3.0)
    moneta (0.6.0)
    multi_json (1.0.4)
    mustache (0.99.4)
    net-scp (1.0.4)
      net-ssh (>= 1.99.1)
    net-sftp (2.0.5)
      net-ssh (>= 2.0.9)
    net-ssh (2.3.0)
    net-ssh-gateway (1.1.0)
      net-ssh (>= 1.99.1)
    nokogiri (1.5.2)
    parslet (1.3.0)
      blankslate (~> 2.0)
    posix-spawn (0.3.6)
    private_event (0.0.5)
      fog
      fpm
      sinatra
      surface
    pygments.rb (0.2.7)
      rubypython (~> 0.5.3)
    rack (1.4.1)
    rack-protection (1.2.0)
      rack
    rdiscount (1.6.8)
    rdoc (3.12)
      json (~> 1.4)
    redcarpet (2.1.0)
    rocco (0.8.2)
      mustache
      redcarpet
    ronn (0.7.3)
      hpricot (>= 0.8.2)
      mustache (>= 0.7.0)
      rdiscount (>= 1.5.8)
    rtfmd (0.10301.20)
      github-markup (>= 0.7.0, < 1.0.0)
      grit (~> 2.4.1)
      mustache (>= 0.11.2, < 1.0.0)
      nokogiri (~> 1.4)
      posix-spawn (~> 0.3.0)
      pygments.rb (~> 0.2.0)
      redcarpet
      ronn
      sanitize (~> 2.0.0)
      sinatra (~> 1.0)
    ruby-hmac (0.4.0)
    rubypython (0.5.3)
      blankslate (>= 2.1.2.3)
      ffi (~> 1.0.7)
    sanitize (2.0.3)
      nokogiri (>= 1.4.4, < 1.6)
    sdoc (0.3.16)
      json (>= 1.1.3)
      rdoc (~> 3.10)
    showoff (0.7.0)
      bluecloth
      gli (>= 1.3.2)
      json
      nokogiri
      parslet
      sinatra
    sinatra (1.3.2)
      rack (~> 1.3, >= 1.3.6)
      rack-protection (~> 1.2)
      tilt (~> 1.3, >= 1.3.3)
    sous (0.0.2)
      bosonson
      fog
      sinatra
    spoon (0.0.1)
    surface (0.0.5)
      marathon
    syntax (1.0.0)
    thin (1.3.1)
      daemons (>= 1.0.9)
      eventmachine (>= 0.12.6)
      rack (>= 1.0.0)
    tilt (1.3.3)
    tvd-bundler (0.0.8)
      microwave
    tvd-dmg (0.0.3)
      microwave
    tvd-git (0.0.16)
      microwave
    tvd-rubygems (0.0.7)
      microwave
    tvd-ssh (0.0.14)
      microwave
    uuidtools (2.1.2)
    wirble (0.1.3)

PLATFORMS
  ruby

DEPENDENCIES
  80ae2fe5c929b7d0a00bdee2d710fa9e
  alpha_omega
  awesome_print
  bosonson
  interactive_editor
  jekyll
  microwave
  private_event
  rocco
  rtfmd
  showoff
  sinatra
  sous
  thin
  tvd-bundler
  tvd-dmg
  tvd-git
  tvd-rubygems
  tvd-ssh
  wirble
