GEM
  remote: http://rubygems.org/
  specs:
    80ae2fe5c929b7d0a00bdee2d710fa9e (0.0.7)
    awesome_print (1.0.2)
    builder (3.0.0)
    geminabox (0.6.1)
      builder
      httpclient
      sinatra
    httpclient (2.2.5)
    interactive_editor (0.0.10)
      spoon (>= 0.0.1)
    rack (1.4.1)
    rack-protection (1.2.0)
      rack
    sinatra (1.3.2)
      rack (~> 1.3, >= 1.3.6)
      rack-protection (~> 1.2)
      tilt (~> 1.3, >= 1.3.3)
    spoon (0.0.1)
    tilt (1.3.3)
    wirble (0.1.3)

PLATFORMS
  ruby

DEPENDENCIES
  80ae2fe5c929b7d0a00bdee2d710fa9e
  awesome_print
  geminabox
  interactive_editor
  wirble
