GEM
  remote: http://rubygems.org/
  specs:
    80ae2fe5c929b7d0a00bdee2d710fa9e (0.0.1)
      bosonson
      sinatra
    alias (0.2.3)
    awesome_print (1.0.2)
    bosonson (0.304.3)
      alias (>= 0.2.2)
      hirb (>= 0.5.0)
    erubis (2.7.0)
    fast_xs (0.8.0)
    hike (1.2.1)
    hirb (0.6.2)
    interactive_editor (0.0.10)
      spoon (>= 0.0.1)
    json (1.5.4)
    marathon (0.0.3)
    microwave (0.1006.29)
      erubis
      fast_xs
      hike
      json (>= 1.4.4, <= 1.5.4)
      mixlib-cli (>= 1.1.0)
      mixlib-config (>= 1.1.2)
      mixlib-log (>= 1.3.0)
      moneta
      sdoc
      surface
      uuidtools
    mixlib-cli (1.2.2)
    mixlib-config (1.1.2)
    mixlib-log (1.3.0)
    moneta (0.6.0)
    rack (1.4.1)
    rack-protection (1.2.0)
      rack
    rdoc (3.12)
      json (~> 1.4)
    sdoc (0.3.16)
      json (>= 1.1.3)
      rdoc (~> 3.10)
    sinatra (1.3.2)
      rack (~> 1.3, >= 1.3.6)
      rack-protection (~> 1.2)
      tilt (~> 1.3, >= 1.3.3)
    spoon (0.0.1)
    surface (0.0.5)
      marathon
    tilt (1.3.3)
    tvd-bundler (0.0.8)
      microwave
    tvd-dmg (0.0.3)
      microwave
    tvd-git (0.0.16)
      microwave
    tvd-rubygems (0.0.7)
      microwave
    tvd-ssh (0.0.14)
      microwave
    uuidtools (2.1.2)
    wirble (0.1.3)

PLATFORMS
  ruby

DEPENDENCIES
  80ae2fe5c929b7d0a00bdee2d710fa9e
  awesome_print
  interactive_editor
  tvd-bundler
  tvd-dmg
  tvd-git
  tvd-rubygems
  tvd-ssh
  wirble
